GEM
  remote: https://rubygems.org/
  specs:
    actionmailer (3.2.17)
      actionpack (= 3.2.17)
      mail (~> 2.5.4)
    actionpack (3.2.17)
      activemodel (= 3.2.17)
      activesupport (= 3.2.17)
      builder (~> 3.0.0)
      erubis (~> 2.7.0)
      journey (~> 1.0.4)
      rack (~> 1.4.5)
      rack-cache (~> 1.2)
      rack-test (~> 0.6.1)
      sprockets (~> 2.2.1)
    activemodel (3.2.17)
      activesupport (= 3.2.17)
      builder (~> 3.0.0)
    activerecord (3.2.17)
      activemodel (= 3.2.17)
      activesupport (= 3.2.17)
      arel (~> 3.0.2)
      tzinfo (~> 0.3.29)
    activeresource (3.2.17)
      activemodel (= 3.2.17)
      activesupport (= 3.2.17)
    activesupport (3.2.17)
      i18n (~> 0.6, >= 0.6.4)
      multi_json (~> 1.0)
    ancestry (1.3.0)
      activerecord (>= 2.3.14)
    arel (3.0.3)
    bcrypt (3.1.7)
    better_errors (1.0.1)
      coderay (>= 1.0.0)
      erubis (>= 2.6.6)
    binding_of_caller (0.7.2)
      debug_inspector (>= 0.0.1)
    bootstrap-sass (2.3.2.2)
      sass (~> 3.2)
    builder (3.0.4)
    carrierwave (0.10.0)
      activemodel (>= 3.2.0)
      activesupport (>= 3.2.0)
      json (>= 1.7)
      mime-types (>= 1.16)
    celluloid (0.15.2)
      timers (~> 1.1.0)
    climate_control (0.0.3)
      activesupport (>= 3.0)
    cocaine (0.5.4)
      climate_control (>= 0.0.3, < 1.0)
    coderay (1.0.9)
    coffee-rails (3.2.2)
      coffee-script (>= 2.2.0)
      railties (~> 3.2.0)
    coffee-script (2.2.0)
      coffee-script-source
      execjs
    coffee-script-source (1.7.0)
    debug_inspector (0.0.2)
    devise (3.2.4)
      bcrypt (~> 3.0)
      orm_adapter (~> 0.1)
      railties (>= 3.2.6, < 5)
      thread_safe (~> 0.1)
      warden (~> 1.2.3)
    em-websocket (0.5.1)
      eventmachine (>= 0.12.9)
      http_parser.rb (~> 0.6.0)
    erubis (2.7.0)
    eventmachine (1.0.3)
    excon (0.13.4)
    execjs (2.2.0)
    ffi (1.9.3)
    fog (1.3.1)
      builder
      excon (~> 0.13.0)
      formatador (~> 0.2.0)
      mime-types
      multi_json (~> 1.0)
      net-scp (~> 1.0.4)
      net-ssh (>= 2.1.3)
      nokogiri (~> 1.5.0)
      ruby-hmac
    font-awesome-rails (3.2.1.3)
      railties (>= 3.2, < 5.0)
    formatador (0.2.5)
    guard (2.6.1)
      formatador (>= 0.2.4)
      listen (~> 2.7)
      lumberjack (~> 1.0)
      pry (>= 0.9.12)
      thor (>= 0.18.1)
    guard-livereload (2.2.0)
      em-websocket (~> 0.5)
      guard (~> 2.0)
      multi_json (~> 1.8)
    haml (4.0.5)
      tilt
    hike (1.2.3)
    http_parser.rb (0.6.0)
    i18n (0.6.9)
    journey (1.0.4)
    jquery-rails (3.1.0)
      railties (>= 3.0, < 5.0)
      thor (>= 0.14, < 2.0)
    jquery-ui-rails (3.0.1)
      jquery-rails
      railties (>= 3.1.0)
    json (1.8.1)
    kaminari (0.16.1)
      actionpack (>= 3.0.0)
      activesupport (>= 3.0.0)
    listen (2.7.8)
      celluloid (>= 0.15.2)
      rb-fsevent (>= 0.9.3)
      rb-inotify (>= 0.9)
    lumberjack (1.0.6)
    mail (2.5.4)
      mime-types (~> 1.16)
      treetop (~> 1.4.8)
    method_source (0.8.2)
    mime-types (1.25.1)
    multi_json (1.10.1)
    nested_form (0.3.2)
    net-scp (1.0.4)
      net-ssh (>= 1.99.1)
    net-ssh (2.9.1)
    nokogiri (1.5.11)
    orm_adapter (0.5.0)
    paperclip (4.1.1)
      activemodel (>= 3.0.0)
      activesupport (>= 3.0.0)
      cocaine (~> 0.5.3)
      mime-types
    pg (0.17.1)
    polyglot (0.3.5)
    pry (0.9.12.6)
      coderay (~> 1.0)
      method_source (~> 0.8)
      slop (~> 3.4)
    rack (1.4.5)
    rack-cache (1.2)
      rack (>= 0.4)
    rack-pjax (0.7.0)
      nokogiri (~> 1.5)
      rack (~> 1.3)
    rack-raw-upload (1.1.1)
      multi_json
    rack-ssl (1.3.4)
      rack
    rack-test (0.6.2)
      rack (>= 1.0)
    rails (3.2.17)
      actionmailer (= 3.2.17)
      actionpack (= 3.2.17)
      activerecord (= 3.2.17)
      activeresource (= 3.2.17)
      activesupport (= 3.2.17)
      bundler (~> 1.0)
      railties (= 3.2.17)
    rails_12factor (0.0.2)
      rails_serve_static_assets
      rails_stdout_logging
    rails_admin (0.4.9)
      bootstrap-sass (~> 2.2)
      builder (~> 3.0)
      coffee-rails (>= 3.1, < 5)
      font-awesome-rails (~> 3.0)
      haml (~> 4.0)
      jquery-rails (>= 2.1, < 4)
      jquery-ui-rails (~> 3.0)
      kaminari (~> 0.14)
      nested_form (~> 0.3)
      rack-pjax (~> 0.6)
      rails (~> 3.1)
      remotipart (~> 1.0)
      safe_yaml (~> 0.6)
      sass-rails (~> 3.1)
    rails_admin_nestable (0.0.9)
      rails (~> 3.2)
      rails_admin
    rails_serve_static_assets (0.0.2)
    rails_stdout_logging (0.0.3)
    railties (3.2.17)
      actionpack (= 3.2.17)
      activesupport (= 3.2.17)
      rack-ssl (~> 1.3.2)
      rake (>= 0.8.7)
      rdoc (~> 3.4)
      thor (>= 0.14.6, < 2.0)
    rake (10.3.2)
    rb-fsevent (0.9.4)
    rb-inotify (0.9.5)
      ffi (>= 0.5.0)
    rdoc (3.12.2)
      json (~> 1.4)
    remotipart (1.2.1)
    rich (1.4.6)
      jquery-rails
      kaminari
      mime-types
      paperclip
      rack-raw-upload
      rails (>= 3.2.0)
      sass-rails
    ruby-hmac (0.4.0)
    safe_yaml (0.9.7)
    sass (3.3.8)
    sass-rails (3.2.6)
      railties (~> 3.2.0)
      sass (>= 3.1.10)
      tilt (~> 1.3)
    slop (3.5.0)
    sprockets (2.2.2)
      hike (~> 1.2)
      multi_json (~> 1.0)
      rack (~> 1.0)
      tilt (~> 1.1, != 1.3.0)
    thor (0.19.1)
    thread_safe (0.3.4)
    tilt (1.4.1)
    timers (1.1.0)
    treetop (1.4.15)
      polyglot
      polyglot (>= 0.3.1)
    tzinfo (0.3.39)
    uglifier (2.5.0)
      execjs (>= 0.3.0)
      json (>= 1.8.0)
    warden (1.2.3)
      rack (>= 1.0)

PLATFORMS
  ruby

DEPENDENCIES
  ancestry
  better_errors
  binding_of_caller
  carrierwave
  coffee-rails (~> 3.2.1)
  devise
  fog (~> 1.3.1)
  guard-livereload
  jquery-rails
  pg
  rails (= 3.2.17)
  rails_12factor
  rails_admin
  rails_admin_nestable
  rb-fsevent
  rich
  sass-rails (~> 3.2.3)
  uglifier (>= 1.0.3)
